GEM
  remote: https://rubygems.org/
  specs:
    coderay (1.1.2)
    dotenv (2.7.5)
    ffi (1.11.3)
    listen (3.2.1)
      rb-fsevent (~> 0.10, >= 0.10.3)
      rb-inotify (~> 0.9, >= 0.9.10)
    method_source (0.9.2)
    minitest (5.13.0)
    minitest-hooks (1.5.0)
      minitest (> 5.3)
    nio4r (2.5.2)
    pg (1.2.2)
    pry (0.12.2)
      coderay (~> 1.1.0)
      method_source (~> 0.9.0)
    puma (4.3.3)
      nio4r (~> 2.0)
    rack (2.0.8)
    rb-fsevent (0.10.3)
    rb-inotify (0.10.1)
      ffi (~> 1.0)
    rerun (0.13.0)
      listen (~> 3.0)
    roda (3.27.0)
      rack
    sequel (5.27.0)
    slim (4.0.1)
      temple (>= 0.7.6, < 0.9)
      tilt (>= 2.0.6, < 2.1)
    temple (0.8.2)
    tilt (2.0.10)
    warning (0.10.1)

PLATFORMS
  ruby

DEPENDENCIES
  dotenv
  minitest
  minitest-hooks
  pg
  pry
  puma
  rerun
  roda
  sequel
  slim
  warning

BUNDLED WITH
   2.0.2
